GEM
  remote: https://rubygems.org/
  specs:
    racc (1.4.14)
    webrick (1.4.2)

PLATFORMS
  ruby

DEPENDENCIES
  racc
  webrick

RUBY VERSION
   ruby 2.4.1p111

BUNDLED WITH
   1.16.1
